GEM
  remote: https://rubygems.org/
  specs:
    activemodel (6.1.4)
      activesupport (= 6.1.4)
    activerecord (6.1.4)
      activemodel (= 6.1.4)
      activesupport (= 6.1.4)
    activesupport (6.1.4)
      concurrent-ruby (~> 1.0, >= 1.0.2)
      i18n (>= 1.6, < 2)
      minitest (>= 5.1)
      tzinfo (~> 2.0)
      zeitwerk (~> 2.3)
    addressable (2.8.0)
      public_suffix (>= 2.0.2, < 5.0)
    builder (3.2.4)
    concurrent-ruby (1.1.9)
    descendants_tracker (0.0.4)
      thread_safe (~> 0.3, >= 0.3.1)
    faraday (1.5.1)
      faraday-em_http (~> 1.0)
      faraday-em_synchrony (~> 1.0)
      faraday-excon (~> 1.1)
      faraday-httpclient (~> 1.0.1)
      faraday-net_http (~> 1.0)
      faraday-net_http_persistent (~> 1.1)
      faraday-patron (~> 1.0)
      multipart-post (>= 1.2, < 3)
      ruby2_keywords (>= 0.0.4)
    faraday-em_http (1.0.0)
    faraday-em_synchrony (1.0.0)
    faraday-excon (1.1.0)
    faraday-httpclient (1.0.1)
    faraday-net_http (1.0.1)
    faraday-net_http_persistent (1.2.0)
    faraday-patron (1.0.0)
    git (1.9.1)
      rchardet (~> 1.8)
    github_api (0.19.0)
      addressable (~> 2.4)
      descendants_tracker (~> 0.0.4)
      faraday (>= 0.8, < 2)
      hashie (~> 3.5, >= 3.5.2)
      oauth2 (~> 1.0)
    hashie (3.6.0)
    highline (2.0.3)
    i18n (1.8.10)
      concurrent-ruby (~> 1.0)
    juwelier (2.4.9)
      builder
      bundler
      git
      github_api
      highline
      kamelcase (~> 0)
      nokogiri
      psych
      rake
      rdoc
      semver2
    jwt (2.2.3)
    kamelcase (0.0.2)
      semver2 (~> 3)
    mini_portile2 (2.6.1)
    minitest (5.14.4)
    multi_json (1.15.0)
    multi_xml (0.6.0)
    multipart-post (2.1.1)
    mysql2 (0.5.3)
    nokogiri (1.12.5)
      mini_portile2 (~> 2.6.1)
      racc (~> 1.4)
    oauth2 (1.4.7)
      faraday (>= 0.8, < 2.0)
      jwt (>= 1.0, < 3.0)
      multi_json (~> 1.3)
      multi_xml (~> 0.5)
      rack (>= 1.2, < 3)
    psych (4.0.1)
    public_suffix (4.0.6)
    racc (1.5.2)
    rack (2.2.3)
    rake (13.0.6)
    rchardet (1.8.0)
    rdoc (6.3.2)
    ruby2_keywords (0.0.5)
    semver2 (3.4.2)
    thread_safe (0.3.6)
    tzinfo (2.0.4)
      concurrent-ruby (~> 1.0)
    zeitwerk (2.4.2)

PLATFORMS
  ruby

DEPENDENCIES
  activerecord (>= 4.1)
  juwelier (>= 2.0.1)
  mysql2 (>= 0.4.0)

BUNDLED WITH
   2.2.24
